GEM
  remote: http://rubygems.org/
  specs:
    akami (1.0.0)
      gyoku (>= 0.4.0)
    builder (3.0.0)
    daemons (1.1.4)
    diff-lcs (1.1.3)
    eventmachine (0.12.10)
    extlib (0.9.15)
    gyoku (0.4.4)
      builder (>= 2.1.2)
    hashie (1.2.0)
    highline (1.6.8)
    httpi (0.9.5)
      rack
    json (1.5.4)
    mime-types (1.17.2)
    multi_json (1.0.3)
    nokogiri (1.5.0-x86-mingw32)
    nori (1.1.0)
    rack (1.3.5)
    rack-protection (1.1.4)
      rack
    rack-test (0.6.1)
      rack (>= 1.0)
    rake (0.9.2.2)
    rcov (0.9.11)
    redis (2.2.2)
    redis-namespace (1.0.3)
      redis (< 3.0.0)
    resque (1.19.0)
      multi_json (~> 1.0)
      redis-namespace (~> 1.0.2)
      sinatra (>= 0.9.2)
      vegas (~> 0.1.2)
    rest-client (1.6.7)
      mime-types (>= 1.16)
    rhoconnect (3.0.6)
      bundler (~> 1.0)
      json (~> 1.5.0)
      rake (~> 0.9.2)
      redis (>= 2.2.0)
      resque (~> 1.19.0)
      rest-client (~> 1.6.1)
      rubyzip (~> 0.9.4)
      sinatra (~> 1.3)
      templater (~> 1.0.0)
      uuidtools (>= 2.1.1)
    rhomobile-debug (1.0.5)
    rspec (2.6.0)
      rspec-core (~> 2.6.0)
      rspec-expectations (~> 2.6.0)
      rspec-mocks (~> 2.6.0)
    rspec-core (2.6.4)
    rspec-expectations (2.6.0)
      diff-lcs (~> 1.1.2)
    rspec-mocks (2.6.0)
    rubyzip (0.9.4)
    savon (0.9.7)
      akami (~> 1.0)
      builder (>= 2.1.2)
      gyoku (>= 0.4.0)
      httpi (~> 0.9)
      nokogiri (>= 1.4.0)
      nori (~> 1.0)
      wasabi (~> 2.0)
    sinatra (1.3.1)
      rack (~> 1.3, >= 1.3.4)
      rack-protection (~> 1.1, >= 1.1.2)
      tilt (~> 1.3, >= 1.3.3)
    sqlite3 (1.3.4-x86-mingw32)
    templater (1.0.0)
      diff-lcs (>= 1.1.2)
      extlib (>= 0.9.5)
      highline (>= 1.4.0)
    thin (1.2.11-x86-mingw32)
      daemons (>= 1.0.9)
      eventmachine (>= 0.12.6)
      rack (>= 1.0.0)
    tilt (1.3.3)
    uuidtools (2.1.2)
    vegas (0.1.8)
      rack (>= 1.0.0)
    wasabi (2.0.0)
      nokogiri (>= 1.4.0)

PLATFORMS
  x86-mingw32

DEPENDENCIES
  SystemTimer (~> 1.2.3)
  dbd-jdbc (>= 0.1.4)
  dbi (>= 0.4.5)
  hashie
  jdbc-sqlite3 (>= 3.7.2)
  jruby-openssl (>= 0.7.4)
  rack-test (>= 0.5.3)
  rcov (>= 0.9.8)
  rhoconnect (= 3.0.6)
  rhomobile-debug (>= 1.0.2)
  rspec (~> 2.6.0)
  savon
  sqlite3 (>= 1.3.3)
  thin
  trinidad
  warbler
